PATH
  remote: .
  specs:
    sashite-ggn (0.5.0)
      json_schemer (~> 2.4.0)

GEM
  remote: https://rubygems.org/
  specs:
    bigdecimal (3.1.9)
    date (3.4.1)
    erb (5.0.1)
    hana (1.3.7)
    io-console (0.8.0)
    irb (1.15.2)
      pp (>= 0.6.0)
      rdoc (>= 4.0.0)
      reline (>= 0.4.2)
    json_schemer (2.4.0)
      bigdecimal
      hana (~> 1.3)
      regexp_parser (~> 2.0)
      simpleidn (~> 0.2)
    pp (0.6.2)
      prettyprint
    prettyprint (0.2.0)
    psych (5.2.6)
      date
      stringio
    rake (13.2.1)
    rdoc (6.14.0)
      erb
      psych (>= 4.0.0)
    regexp_parser (2.10.0)
    reline (0.6.1)
      io-console (~> 0.5)
    simpleidn (0.2.3)
    stringio (3.1.7)
    yard (0.9.37)

PLATFORMS
  arm64-darwin-24
  x86_64-linux

DEPENDENCIES
  bundler
  irb
  rake
  sashite-ggn!
  yard

BUNDLED WITH
   2.4.12
