PATH
  remote: .
  specs:
    sashite-ggn (0.8.0)
      sashite-cell (~> 2.0)
      sashite-epin (~> 1.1)
      sashite-feen (~> 0.3)
      sashite-hand (~> 1.0)
      sashite-lcn (~> 0.1)
      sashite-qpi (~> 1.0)
      sashite-stn (~> 1.0)

GEM
  remote: https://rubygems.org/
  specs:
    date (3.4.1)
    erb (5.0.2)
    io-console (0.8.1)
    irb (1.15.2)
      pp (>= 0.6.0)
      rdoc (>= 4.0.0)
      reline (>= 0.4.2)
    pp (0.6.2)
      prettyprint
    prettyprint (0.2.0)
    psych (5.2.6)
      date
      stringio
    rake (13.3.0)
    rdoc (6.15.0)
      erb
      psych (>= 4.0.0)
      tsort
    reline (0.6.2)
      io-console (~> 0.5)
    sashite-cell (2.0.1)
    sashite-epin (1.1.0)
      sashite-pin (~> 3.1.0)
    sashite-feen (0.3.0)
      sashite-epin (~> 1.1)
      sashite-sin (~> 2.1)
    sashite-hand (1.0.0)
    sashite-lcn (0.1.0)
      sashite-cell (~> 2.0)
      sashite-qpi (~> 1.0)
    sashite-pin (3.1.0)
    sashite-qpi (1.0.0)
      sashite-pin (~> 3.1)
      sashite-sin (~> 2.1)
    sashite-sin (2.1.0)
    sashite-stn (1.0.0)
      sashite-cell (~> 2.0)
      sashite-qpi (~> 1.0)
    stringio (3.1.7)
    tsort (0.2.0)
    yard (0.9.37)

PLATFORMS
  arm64-darwin-24
  x86_64-linux

DEPENDENCIES
  bundler
  irb
  rake
  sashite-ggn!
  yard

BUNDLED WITH
   2.4.12
